PATH
  remote: .
  specs:
    sherpa (0.1.0)
      mustache (~> 0.99.4)
      redcarpet (~> 2.1.1)

GEM
  remote: http://rubygems.org/
  specs:
    coderay (1.0.6)
    method_source (0.7.1)
    mustache (0.99.4)
    pry (0.9.9.6)
      coderay (~> 1.0.5)
      method_source (~> 0.7.1)
      slop (>= 2.4.4, < 3)
    redcarpet (2.1.1)
    slop (2.4.4)

PLATFORMS
  ruby

DEPENDENCIES
  pry
  sherpa!
